GEM
  remote: http://rubygems.org/
  specs:
    axlsx (1.3.6)
      htmlentities (~> 4.3.1)
      nokogiri (>= 1.4.1)
      rubyzip (>= 0.9.5)
    colorize (0.8.1)
    htmlentities (4.3.4)
    mini_portile2 (2.1.0)
    nokogiri (1.6.8.1-x86-mingw32)
      mini_portile2 (~> 2.1.0)
    ocra (1.3.6)
    roo (2.5.1)
      nokogiri (~> 1)
      rubyzip (~> 1.1, < 2.0.0)
    roo-xls (1.0.0)
      nokogiri
      roo (>= 2.0.0beta1, < 3)
      spreadsheet (> 0.9.0)
    ruby-ole (1.2.12)
    rubyzip (1.2.0)
    spreadsheet (1.1.3)
      ruby-ole (>= 1.0)
    zip-zip (0.3)
      rubyzip (>= 1.0.0)

PLATFORMS
  x86-mingw32

DEPENDENCIES
  axlsx
  colorize
  ocra
  roo (~> 2.5.0)
  roo-xls
  zip-zip

BUNDLED WITH
   1.13.2
